GEM
  remote: https://rubygems.org/
  specs:
    actionmailer (3.2.6)
      actionpack (= 3.2.6)
      mail (~> 2.4.4)
    actionpack (3.2.6)
      activemodel (= 3.2.6)
      activesupport (= 3.2.6)
      builder (~> 3.0.0)
      erubis (~> 2.7.0)
      journey (~> 1.0.1)
      rack (~> 1.4.0)
      rack-cache (~> 1.2)
      rack-test (~> 0.6.1)
      sprockets (~> 2.1.3)
    active_link_to (1.0.0)
    active_utils (1.0.4)
      activesupport (>= 2.3.11)
      i18n
    activeadmin (0.4.4)
      bourbon (>= 1.0.0)
      devise (>= 1.1.2)
      fastercsv
      formtastic (~> 2.1.1)
      inherited_resources (>= 1.3.1)
      jquery-rails (>= 1.0.0)
      kaminari (>= 0.13.0)
      meta_search (>= 0.9.2)
      rails (>= 3.0.0)
      sass (>= 3.1.0)
    activemerchant (1.27.0)
      active_utils (>= 1.0.2)
      activesupport (>= 2.3.11)
      builder (>= 2.0.0)
      i18n
      json (>= 1.5.1)
      money
      nokogiri
    activemodel (3.2.6)
      activesupport (= 3.2.6)
      builder (~> 3.0.0)
    activerecord (3.2.6)
      activemodel (= 3.2.6)
      activesupport (= 3.2.6)
      arel (~> 3.0.2)
      tzinfo (~> 0.3.29)
    activerecord-import (0.2.11)
      activerecord (~> 3.0)
      activerecord (~> 3.0)
    activeresource (3.2.6)
      activemodel (= 3.2.6)
      activesupport (= 3.2.6)
    activesupport (3.2.6)
      i18n (~> 0.6)
      multi_json (~> 1.0)
    addressable (2.2.8)
    ancestry (1.2.4)
      activerecord (>= 2.2.2)
    arel (3.0.2)
    attr_encrypted (1.2.1)
      encryptor (>= 1.1.1)
    aws-s3 (0.6.3)
      builder
      mime-types
      xml-simple
    aws-sdk (1.3.9)
      httparty (~> 0.7)
      json (~> 1.4)
      nokogiri (>= 1.4.4)
      uuidtools (~> 2.1)
    bcrypt-ruby (3.0.1)
    blankslate (2.1.2.4)
    bootstrap-sass (2.0.4.2)
    bourbon (2.1.0)
      sass (>= 3.1)
    builder (3.0.0)
    cancan (1.6.8)
    capybara (1.1.2)
      mime-types (>= 1.16)
      nokogiri (>= 1.3.3)
      rack (>= 1.0.0)
      rack-test (>= 0.5.4)
      selenium-webdriver (~> 2.0)
      xpath (~> 0.1.4)
    carrierwave (0.7.0)
      activemodel (>= 3.2.0)
      activesupport (>= 3.2.0)
    childprocess (0.3.5)
      ffi (~> 1.0, >= 1.0.6)
    cocaine (0.2.1)
    coffee-rails (3.2.2)
      coffee-script (>= 2.2.0)
      railties (~> 3.2.0)
    coffee-script (2.2.0)
      coffee-script-source
      execjs
    coffee-script-source (1.3.3)
    comfortable_mexican_sofa (1.6.24)
      active_link_to (~> 1.0.0)
      paperclip (>= 2.3.0)
      rails (>= 3.0.0)
    country_select (1.0.1)
    devise (2.1.2)
      bcrypt-ruby (~> 3.0)
      orm_adapter (~> 0.1)
      railties (~> 3.1)
      warden (~> 1.2.1)
    diff-lcs (1.1.3)
    email_spec (1.2.1)
      mail (~> 2.2)
      rspec (~> 2.0)
    encryptor (1.1.3)
    erubis (2.7.0)
    excon (0.16.1)
    execjs (1.4.0)
      multi_json (~> 1.0)
    factory_girl (4.0.0)
      activesupport (>= 3.0.0)
    factory_girl_rails (4.0.0)
      factory_girl (~> 4.0.0)
      railties (>= 3.0.0)
    faraday (0.8.4)
      multipart-post (~> 1.1)
    fastercsv (1.5.5)
    ffi (1.1.5)
    fog (0.7.2)
      builder
      excon (>= 0.6.1)
      formatador (>= 0.1.3)
      json
      mime-types
      net-ssh (>= 2.1.3)
      nokogiri (>= 1.4.4)
      ruby-hmac
    formatador (0.2.4)
    formtastic (2.1.1)
      actionpack (~> 3.0)
    google-analytics-rails (0.0.3)
    gravatar-ultimate (1.0.3)
    haml (3.1.7)
    has_scope (0.5.1)
    hashie (1.2.0)
    heroku (2.30.3)
      heroku-api (~> 0.3.4)
      launchy (>= 0.3.2)
      netrc (~> 0.7.7)
      rest-client (~> 1.6.1)
      rubyzip
    heroku-api (0.3.4)
      excon (~> 0.16.1)
    hike (1.2.1)
    httparty (0.8.3)
      multi_json (~> 1.0)
      multi_xml
    httpauth (0.1)
    i18n (0.6.0)
    inherited_resources (1.3.1)
      has_scope (~> 0.5.0)
      responders (~> 0.6)
    jbuilder (0.4.3)
      activesupport (>= 3.0.0)
      blankslate (>= 2.1.2.4)
    journey (1.0.4)
    jquery-rails (2.1.0)
      railties (>= 3.1.0, < 5.0)
      thor (~> 0.14)
    json (1.7.4)
    jwt (0.1.5)
      multi_json (>= 1.0)
    kaminari (0.13.0)
      actionpack (>= 3.0.0)
      activesupport (>= 3.0.0)
      railties (>= 3.0.0)
    launchy (2.1.0)
      addressable (~> 2.2.6)
    libwebsocket (0.1.5)
      addressable
    lighthouse-api (2.0)
      activeresource (>= 3.0.0)
      activesupport (>= 3.0.0)
    mail (2.4.4)
      i18n (>= 0.4.0)
      mime-types (~> 1.16)
      treetop (~> 1.4.8)
    meta_search (1.1.3)
      actionpack (~> 3.1)
      activerecord (~> 3.1)
      activesupport (~> 3.1)
      polyamorous (~> 0.5.0)
    mime-types (1.19)
    money (5.0.0)
      i18n (~> 0.4)
      json
    multi_json (1.3.6)
    multi_xml (0.5.1)
    multipart-post (1.1.5)
    net-ssh (2.6.1)
    netrc (0.7.7)
    newrelic_rpm (3.4.2)
    nokogiri (1.4.7)
    oauth2 (0.8.0)
      faraday (~> 0.8)
      httpauth (~> 0.1)
      jwt (~> 0.1.4)
      multi_json (~> 1.0)
      rack (~> 1.2)
    omniauth (1.0.2)
      hashie (~> 1.2)
      rack
    omniauth-facebook (1.4.1)
      omniauth-oauth2 (~> 1.1.0)
    omniauth-oauth2 (1.1.0)
      oauth2 (~> 0.8.0)
      omniauth (~> 1.0)
    orm_adapter (0.4.0)
    paper_trail (2.6.4)
      activerecord (~> 3.0)
      railties (~> 3.0)
    paperclip (3.1.4)
      activemodel (>= 3.0.0)
      activerecord (>= 3.0.0)
      activesupport (>= 3.0.0)
      cocaine (>= 0.0.2)
      mime-types
    pg (0.14.0)
    polyamorous (0.5.0)
      activerecord (~> 3.0)
    polyglot (0.3.3)
    rack (1.4.1)
    rack-cache (1.2)
      rack (>= 0.4)
    rack-ssl (1.3.2)
      rack
    rack-test (0.6.1)
      rack (>= 1.0)
    rails (3.2.6)
      actionmailer (= 3.2.6)
      actionpack (= 3.2.6)
      activerecord (= 3.2.6)
      activeresource (= 3.2.6)
      activesupport (= 3.2.6)
      bundler (~> 1.0)
      railties (= 3.2.6)
    railties (3.2.6)
      actionpack (= 3.2.6)
      activesupport (= 3.2.6)
      rack-ssl (~> 1.3.2)
      rake (>= 0.8.7)
      rdoc (~> 3.4)
      thor (>= 0.14.6, < 2.0)
    rake (0.9.2.2)
    rdoc (3.12)
      json (~> 1.4)
    responders (0.9.1)
      railties (~> 3.1)
    rest-client (1.6.7)
      mime-types (>= 1.16)
    rmagick (2.13.1)
    rolify (3.2.0)
    rspec (2.11.0)
      rspec-core (~> 2.11.0)
      rspec-expectations (~> 2.11.0)
      rspec-mocks (~> 2.11.0)
    rspec-core (2.11.1)
    rspec-expectations (2.11.2)
      diff-lcs (~> 1.1.3)
    rspec-mocks (2.11.2)
    rspec-rails (2.11.0)
      actionpack (>= 3.0)
      activesupport (>= 3.0)
      railties (>= 3.0)
      rspec (~> 2.11.0)
    ruby-hmac (0.4.0)
    rubyzip (0.9.9)
    sass (3.2.1)
    sass-rails (3.2.5)
      railties (~> 3.2.0)
      sass (>= 3.1.10)
      tilt (~> 1.3)
    selenium-webdriver (2.25.0)
      childprocess (>= 0.2.5)
      libwebsocket (~> 0.1.3)
      multi_json (~> 1.0)
      rubyzip
    sendgrid_toolkit (1.2.0)
      httparty (>= 0.7.6)
    simple_form (2.0.2)
      actionpack (~> 3.0)
      activemodel (~> 3.0)
    spork (0.9.2)
    sprockets (2.1.3)
      hike (~> 1.2)
      rack (~> 1.0)
      tilt (~> 1.1, != 1.3.0)
    taskmapper (0.8.0)
      activeresource (~> 3.0)
      activesupport (~> 3.0)
      hashie (~> 1.2)
    taskmapper-lighthouse (0.9.0)
      addressable (~> 2.2)
      lighthouse-api (~> 2.0)
      taskmapper (~> 0.8)
      xml-simple (~> 1.1)
    thor (0.16.0)
    tilt (1.3.3)
    treetop (1.4.10)
      polyglot
      polyglot (>= 0.3.1)
    tzinfo (0.3.33)
    uglifier (1.2.7)
      execjs (>= 0.3.0)
      multi_json (~> 1.3)
    uuidtools (2.1.2)
    warden (1.2.1)
      rack (>= 1.0)
    wicked (0.2.0)
      activesupport (>= 3.0.7)
      rails (>= 3.0.7)
    wicked_pdf (0.7.9)
    will_paginate (3.0.3)
    wkhtmltopdf-binary (0.9.9.1)
    xml-simple (1.1.1)
    xpath (0.1.4)
      nokogiri (~> 1.3)

PLATFORMS
  ruby

DEPENDENCIES
  activeadmin
  activemerchant
  activerecord-import (~> 0.2.11)
  ancestry
  attr_encrypted (~> 1.2.1)
  aws-s3
  aws-sdk
  bootstrap-sass (~> 2.0.4.0)
  cancan
  capybara
  carrierwave (~> 0.7.0)
  coffee-rails (~> 3.2.1)
  comfortable_mexican_sofa
  country_select
  devise
  email_spec
  factory_girl
  factory_girl_rails
  fog
  google-analytics-rails
  gravatar-ultimate
  haml
  heroku
  jbuilder
  jquery-rails
  launchy
  meta_search (>= 1.1.0.pre)
  newrelic_rpm
  omniauth
  omniauth-facebook
  paper_trail (~> 2.6.4)
  paperclip
  pg
  rails (= 3.2.6)
  rmagick
  rolify
  rspec
  rspec-rails
  sass-rails (~> 3.2.3)
  sendgrid_toolkit (>= 1.1.1)
  simple_form
  spork
  taskmapper (~> 0.8.0)
  taskmapper-lighthouse (~> 0.9.0)
  uglifier (>= 1.0.3)
  wicked
  wicked_pdf
  will_paginate
  wkhtmltopdf-binary
